GEM
  remote: https://rubygems.org/
  specs:
    coderay (1.1.3)
    ffi (1.15.0)
    listen (3.5.1)
      rb-fsevent (~> 0.10, >= 0.10.3)
      rb-inotify (~> 0.9, >= 0.9.10)
    method_source (1.0.0)
    pry (0.14.1)
      coderay (~> 1.1)
      method_source (~> 1.0)
    rb-fsevent (0.10.4)
    rb-inotify (0.10.1)
      ffi (~> 1.0)
    redcarpet (3.5.1)
    rerun (0.13.1)
      listen (~> 3.0)

PLATFORMS
  x86_64-darwin-20

DEPENDENCIES
  pry
  redcarpet
  rerun

BUNDLED WITH
   2.2.3
